GEM
  remote: https://rubygems.org/
  specs:
    pg (0.18.4)
    sqlite3 (1.3.11)

PLATFORMS
  ruby

DEPENDENCIES
  pg
  sqlite3

BUNDLED WITH
   1.12.5
